PATH
  remote: .
  specs:
    boxt_ruby_style_guide (6.0.1)
      rubocop (= 0.86.0)
      rubocop-faker (~> 1.0)
      rubocop-rails (~> 2.6)

GEM
  remote: https://rubygems.org/
  specs:
    activesupport (6.0.3.2)
      concurrent-ruby (~> 1.0, >= 1.0.2)
      i18n (>= 0.7, < 2)
      minitest (~> 5.1)
      tzinfo (~> 1.1)
      zeitwerk (~> 2.2, >= 2.2.2)
    ansi (1.5.0)
    ast (2.4.1)
    builder (3.2.4)
    concurrent-ruby (1.1.6)
    docile (1.3.2)
    faker (2.12.0)
      i18n (>= 1.6, < 2)
    i18n (1.8.3)
      concurrent-ruby (~> 1.0)
    minitest (5.14.1)
    minitest-fail-fast (0.1.0)
      minitest (~> 5)
    minitest-macos-notification (0.3.3)
      minitest (~> 5.14)
      minitest-reporters (~> 1.4)
      os (~> 1.0)
      terminal-notifier (~> 2.0)
    minitest-reporters (1.4.2)
      ansi
      builder
      minitest (>= 5.0)
      ruby-progressbar
    os (1.1.0)
    parallel (1.19.2)
    parser (2.7.1.4)
      ast (~> 2.4.1)
    rack (2.2.3)
    rainbow (3.0.0)
    rake (13.0.1)
    regexp_parser (1.7.1)
    rexml (3.2.4)
    rubocop (0.86.0)
      parallel (~> 1.10)
      parser (>= 2.7.0.1)
      rainbow (>= 2.2.2, < 4.0)
      regexp_parser (>= 1.7)
      rexml
      rubocop-ast (>= 0.0.3, < 1.0)
      ruby-progressbar (~> 1.7)
      unicode-display_width (>= 1.4.0, < 2.0)
    rubocop-ast (0.0.3)
      parser (>= 2.7.0.1)
    rubocop-faker (1.1.0)
      faker (>= 2.12.0)
      rubocop (>= 0.82.0)
    rubocop-rails (2.6.0)
      activesupport (>= 4.2.0)
      rack (>= 1.1)
      rubocop (>= 0.82.0)
    ruby-progressbar (1.10.1)
    simplecov (0.18.5)
      docile (~> 1.1)
      simplecov-html (~> 0.11)
    simplecov-html (0.12.2)
    terminal-notifier (2.0.0)
    thread_safe (0.3.6)
    tzinfo (1.2.7)
      thread_safe (~> 0.1)
    unicode-display_width (1.7.0)
    zeitwerk (2.3.0)

PLATFORMS
  ruby

DEPENDENCIES
  boxt_ruby_style_guide!
  bundler (~> 2.1)
  minitest (~> 5.14)
  minitest-fail-fast (~> 0.1)
  minitest-macos-notification (~> 0.3)
  minitest-reporters (~> 1.4)
  rake (~> 13.0)
  simplecov (~> 0.18)

RUBY VERSION
   ruby 2.7.1p83

BUNDLED WITH
   2.1.4
