PATH
  remote: .
  specs:
    boxt_ruby_style_guide (3.0.0)
      reek (~> 5.3, >= 5.3.0)
      rubocop (~> 0.67.2)

GEM
  remote: https://rubygems.org/
  specs:
    ansi (1.5.0)
    ast (2.4.0)
    axiom-types (0.1.1)
      descendants_tracker (~> 0.0.4)
      ice_nine (~> 0.11.0)
      thread_safe (~> 0.3, >= 0.3.1)
    builder (3.2.3)
    codeclimate-engine-rb (0.4.1)
      virtus (~> 1.0)
    coercible (1.0.0)
      descendants_tracker (~> 0.0.1)
    descendants_tracker (0.0.4)
      thread_safe (~> 0.3, >= 0.3.1)
    docile (1.3.2)
    equalizer (0.0.11)
    ice_nine (0.11.2)
    jaro_winkler (1.5.3)
    json (2.2.0)
    kwalify (0.7.2)
    minitest (5.11.3)
    minitest-fail-fast (0.1.0)
      minitest (~> 5)
    minitest-macos-notification (0.0.6)
      minitest (~> 5.0)
      minitest-reporters (~> 1.3)
      os (~> 1.0)
      terminal-notifier (~> 2.0)
    minitest-reporters (1.3.6)
      ansi
      builder
      minitest (>= 5.0)
      ruby-progressbar
    os (1.0.1)
    parallel (1.17.0)
    parser (2.6.3.0)
      ast (~> 2.4.0)
    psych (3.1.0)
    rainbow (3.0.0)
    rake (12.3.3)
    reek (5.4.0)
      codeclimate-engine-rb (~> 0.4.0)
      kwalify (~> 0.7.0)
      parser (>= 2.5.0.0, < 2.7, != 2.5.1.1)
      psych (~> 3.1.0)
      rainbow (>= 2.0, < 4.0)
    rubocop (0.67.2)
      jaro_winkler (~> 1.5.1)
      parallel (~> 1.10)
      parser (>= 2.5, != 2.5.1.1)
      psych (>= 3.1.0)
      rainbow (>= 2.2.2, < 4.0)
      ruby-progressbar (~> 1.7)
      unicode-display_width (>= 1.4.0, < 1.6)
    ruby-progressbar (1.10.1)
    simplecov (0.16.1)
      docile (~> 1.1)
      json (>= 1.8, < 3)
      simplecov-html (~> 0.10.0)
    simplecov-html (0.10.2)
    terminal-notifier (2.0.0)
    thread_safe (0.3.6)
    unicode-display_width (1.5.0)
    virtus (1.0.5)
      axiom-types (~> 0.1)
      coercible (~> 1.0)
      descendants_tracker (~> 0.0, >= 0.0.3)
      equalizer (~> 0.0, >= 0.0.9)

PLATFORMS
  ruby

DEPENDENCIES
  boxt_ruby_style_guide!
  bundler (~> 2.0, >= 2.0.1)
  minitest (~> 5.11, >= 5.11.3)
  minitest-fail-fast (~> 0.1.0)
  minitest-macos-notification (~> 0.0.5)
  minitest-reporters (~> 1.3, >= 1.3.6)
  rake (~> 12.3, >= 12.3.2)
  simplecov (~> 0.16.1)

RUBY VERSION
   ruby 2.6.3p62

BUNDLED WITH
   2.0.2
