PATH
  remote: .
  specs:
    boxt_ruby_style_guide (4.0.2)
      rubocop (~> 0.80)

GEM
  remote: https://rubygems.org/
  specs:
    ansi (1.5.0)
    ast (2.4.0)
    builder (3.2.4)
    docile (1.3.2)
    jaro_winkler (1.5.4)
    minitest (5.14.0)
    minitest-fail-fast (0.1.0)
      minitest (~> 5)
    minitest-macos-notification (0.3.2)
      minitest (~> 5.14)
      minitest-reporters (~> 1.4)
      os (~> 1.0)
      terminal-notifier (~> 2.0)
    minitest-reporters (1.4.2)
      ansi
      builder
      minitest (>= 5.0)
      ruby-progressbar
    os (1.0.1)
    parallel (1.19.1)
    parser (2.7.0.2)
      ast (~> 2.4.0)
    rainbow (3.0.0)
    rake (13.0.1)
    rexml (3.2.4)
    rubocop (0.80.0)
      jaro_winkler (~> 1.5.1)
      parallel (~> 1.10)
      parser (>= 2.7.0.1)
      rainbow (>= 2.2.2, < 4.0)
      rexml
      ruby-progressbar (~> 1.7)
      unicode-display_width (>= 1.4.0, < 1.7)
    ruby-progressbar (1.10.1)
    simplecov (0.18.2)
      docile (~> 1.1)
      simplecov-html (~> 0.11)
    simplecov-html (0.12.0)
    terminal-notifier (2.0.0)
    unicode-display_width (1.6.1)

PLATFORMS
  ruby

DEPENDENCIES
  boxt_ruby_style_guide!
  bundler (~> 2.1)
  minitest (~> 5.14)
  minitest-fail-fast (~> 0.1)
  minitest-macos-notification (~> 0.3)
  minitest-reporters (~> 1.4)
  rake (~> 13.0)
  simplecov (~> 0.18)

RUBY VERSION
   ruby 2.7.0p62

BUNDLED WITH
   2.1.4
